GEM
  remote: https://rubygems.org/
  specs:
    awesome_print (1.8.0)
    cli-ui (1.3.0)
    minitest (5.13.0)
    rake (13.0.0)

PLATFORMS
  ruby

DEPENDENCIES
  awesome_print
  cli-ui
  minitest
  rake

BUNDLED WITH
   2.0.2
